GEM
  remote: http://rubygems.org/
  specs:
    addressable (2.2.8)
    daemons (1.1.8)
    eventmachine (0.12.10)
    faraday (0.7.6)
      addressable (~> 2.2)
      multipart-post (~> 1.1)
      rack (~> 1.1)
    httparty (0.8.3)
      multi_json (~> 1.0)
      multi_xml
    jsmin (1.0.1)
    json (1.7.3)
    koala (1.4.1)
      faraday (~> 0.7.0)
      multi_json (~> 1.3.0)
    multi_json (1.3.5)
    multi_xml (0.5.1)
    multipart-post (1.1.5)
    rack (1.4.1)
    rack-protection (1.2.0)
      rack
    rack-test (0.6.1)
      rack (>= 1.0)
    sinatra (1.3.2)
      rack (~> 1.3, >= 1.3.6)
      rack-protection (~> 1.2)
      tilt (~> 1.3, >= 1.3.3)
    sinatra-assetpack (0.0.11)
      jsmin
      rack-test
      sinatra
      tilt (>= 1.3.0)
    thin (1.3.1)
      daemons (>= 1.0.9)
      eventmachine (>= 0.12.6)
      rack (>= 1.0.0)
    tilt (1.3.3)

PLATFORMS
  ruby

DEPENDENCIES
  httparty
  json
  koala
  sinatra
  sinatra-assetpack
  thin
